GEM
  remote: https://rubygems.org/
  specs:
    daemons (1.3.1)
    eventmachine (1.2.7)
    haml (5.1.1)
      temple (>= 0.8.0)
      tilt
    mustermann (1.0.3)
    pg (1.1.4)
    rack (2.0.8)
    rack-protection (2.0.5)
      rack
    sequel (5.20.0)
    sinatra (2.0.5)
      mustermann (~> 1.0)
      rack (~> 2.0)
      rack-protection (= 2.0.5)
      tilt (~> 2.0)
    temple (0.8.1)
    thin (1.7.2)
      daemons (~> 1.0, >= 1.0.9)
      eventmachine (~> 1.0, >= 1.0.4)
      rack (>= 1, < 3)
    tilt (2.0.9)

PLATFORMS
  ruby

DEPENDENCIES
  haml
  pg
  sequel
  sinatra
  thin

RUBY VERSION
   ruby 2.6.3p62

BUNDLED WITH
   1.17.2
